GEM
  remote: http://rubygems.org/
  specs:
    Saikuro (1.1.0)
    ZenTest (4.1.3)
    aasm (2.1.5)
    actionmailer (2.3.8)
      actionpack (= 2.3.8)
    actionpack (2.3.8)
      activesupport (= 2.3.8)
      rack (~> 1.1.0)
    activerecord (2.3.8)
      activesupport (= 2.3.8)
    activeresource (2.3.8)
      activesupport (= 2.3.8)
    activesupport (2.3.8)
    arrayfields (4.7.4)
    authlogic (2.1.2)
      activesupport
    autotest-rails (4.1.0)
      ZenTest
    builder (2.1.2)
    caleb-chronic (0.3.0)
    chronic (0.2.3)
      hoe (>= 1.2.1)
    churn (0.0.12)
      chronic (~> 0.2.3)
      hirb
      json_pure
      main
      ruby_parser (~> 2.0.4)
      sexp_processor (~> 3.0.3)
    codefumes (0.1.10)
      caleb-chronic (>= 0.3.0)
      httparty (>= 0.4.3)
    codefumes_harvester (0.1.8)
      codefumes (= 0.1.10)
      grit (= 2.0)
    columnize (0.3.1)
    compass (0.8.17)
      haml (>= 2.2.0)
    crack (0.1.8)
    cucumber (0.7.3)
      builder (>= 2.1.2)
      diff-lcs (>= 1.1.2)
      gherkin (>= 1.0.27)
      json_pure (>= 1.2.4)
      term-ansicolor (>= 1.0.4)
    cucumber-rails (0.3.1)
      cucumber (>= 0.7.2)
    database_cleaner (0.5.2)
    diff-lcs (1.1.2)
    email_spec (0.6.2)
    envjs (0.2.0)
      johnson (>= 2.0.0.pre3)
    faker (0.3.1)
    fattr (2.1.0)
    flay (1.3.0)
      ruby_parser (~> 2.0)
      sexp_processor (~> 3.0)
    flog (2.2.0)
      ruby_parser (~> 2.0)
      sexp_processor (~> 3.0)
    formtastic (0.9.8)
      actionpack (>= 2.3.0)
      activesupport (>= 2.3.0)
    gherkin (1.0.30)
      trollop (>= 1.16.2)
    grit (2.0.0)
      diff-lcs (>= 1.1.2)
      mime-types (>= 1.15)
    haml (2.2.20)
    harmony (0.5.4)
      envjs (= 0.2.0)
      johnson (= 2.0.0.pre3)
    hirb (0.3.3)
    hoe (2.6.2)
      rake (>= 0.8.7)
      rubyforge (>= 2.0.4)
    hoptoad_notifier (2.2.6)
      activesupport
    httparty (0.6.1)
      crack (= 0.1.8)
    jasmine (0.10.4.0)
      rack (>= 1.0.0)
      rspec (>= 1.1.5)
      selenium-client (>= 1.2.17)
      selenium-rc (>= 2.1.0)
    jazz_money (0.0.3)
      harmony (= 0.5.4)
    johnson (2.0.0.pre3)
      stackdeck (~> 0.2)
    json_pure (1.4.6)
    linecache (0.43)
    machinist (1.0.6)
    main (4.2.0)
      arrayfields (>= 4.7.4)
      fattr (>= 2.1.0)
    metric_fu (1.3.0)
      Saikuro (>= 1.1.0)
      activesupport (>= 2.2.3)
      chronic (>= 0.2.3)
      churn (>= 0.0.7)
      flay (>= 1.2.1)
      flog (= 2.2.0)
      rcov (>= 0.8.3.3)
    mime-types (1.16)
    nokogiri (1.4.1)
    open4 (0.9.6)
    polyglot (0.3.1)
    rack (1.1.0)
    rack-test (0.5.4)
      rack (>= 1.0)
    rails (2.3.8)
      actionmailer (= 2.3.8)
      actionpack (= 2.3.8)
      activerecord (= 2.3.8)
      activeresource (= 2.3.8)
      activesupport (= 2.3.8)
      rake (>= 0.8.3)
    rake (0.8.7)
    rake-remote_task (2.0.2)
      open4 (~> 0.9.0)
      rake (~> 0.8.0)
    rcov (0.9.8)
    rspec (1.3.0)
    rspec-rails (1.3.2)
      rack (>= 1.0.0)
      rspec (>= 1.3.0)
    ruby-debug (0.10.3)
      columnize (>= 0.1)
      ruby-debug-base (~> 0.10.3.0)
    ruby-debug-base (0.10.3)
      linecache (>= 0.3)
    ruby-mysql (2.9.3)
    ruby_parser (2.0.4)
      sexp_processor (~> 3.0)
    rubyforge (2.0.4)
      json_pure (>= 1.1.7)
    selenium-client (1.2.18)
    selenium-rc (2.2.4)
      selenium-client (>= 1.2.18)
    sexp_processor (3.0.3)
    sqlite3-ruby (1.2.5)
    stackdeck (0.2.0)
    term-ansicolor (1.0.4)
    treetop (1.2.5)
      polyglot
    trollop (1.16.2)
    vlad (2.1.0)
      open4 (~> 0.9.0)
      rake (~> 0.8.0)
      rake-remote_task (~> 2.0)
    vlad-git (2.2.0)
      vlad (>= 2.1.0)
    webrat (0.7.0)
      nokogiri (>= 1.2.0)
      rack (>= 1.0)
      rack-test (>= 0.5.3)

PLATFORMS
  ruby

DEPENDENCIES
  ZenTest (= 4.1.3)
  aasm (= 2.1.5)
  authlogic (= 2.1.2)
  autotest-rails (= 4.1.0)
  builder (= 2.1.2)
  caleb-chronic (= 0.3.0)
  codefumes_harvester (= 0.1.8)
  compass (= 0.8.17)
  cucumber (= 0.7.3)
  cucumber-rails (= 0.3.1)
  database_cleaner (= 0.5.2)
  diff-lcs (= 1.1.2)
  email_spec (= 0.6.2)
  faker (= 0.3.1)
  flay (= 1.3.0)
  flog (= 2.2.0)
  formtastic (= 0.9.8)
  gherkin (= 1.0.30)
  haml (= 2.2.20)
  hoptoad_notifier (= 2.2.6)
  jasmine (= 0.10.4.0)
  jazz_money (= 0.0.3)
  machinist (= 1.0.6)
  metric_fu (= 1.3.0)
  nokogiri (= 1.4.1)
  polyglot (= 0.3.1)
  rails (= 2.3.8)
  rcov (= 0.9.8)
  rspec (= 1.3.0)
  rspec-rails (= 1.3.2)
  ruby-debug (= 0.10.3)
  ruby-mysql (= 2.9.3)
  ruby_parser (= 2.0.4)
  sexp_processor (= 3.0.3)
  sqlite3-ruby (= 1.2.5)
  term-ansicolor (= 1.0.4)
  treetop (= 1.2.5)
  trollop (= 1.16.2)
  vlad
  vlad-git
  webrat (= 0.7.0)
